{
  "InstitutionName": "Brown",
  "InstitutionalDepartmentName": "CLPS",
  "PowerLineFrequency": 60,
  "ManufacturersModelName": "Brain Vision ActiChamp",
  "EEGGround": "AFz",
  "EEGReference": "CPz",
  "EEGChannelCount": 64,
  "TaskName": "SimonConflict",
  "MiscChannelCount": 64,
  "RecordingType": "continuous",
  "RecordingDuration": 2371.84,
  "SamplingFrequency": 500,
  "SubjectArtefactDescription": "Study 1",
  "EOGChannelCount": 0,
  "ECGChannelCount": 0,
  "EMGChannelCount": 0,
  "SoftwareFilters": "n/a"
}